GEM
  remote: http://rubygems.org/
  specs:
    addressable (2.2.6)
    diff-lcs (1.1.2)
    gitable (0.2.1)
      addressable
    grit (2.4.1)
      diff-lcs (~> 1.1)
      mime-types (~> 1.15)
    haml (3.1.2)
    jruby-rack (1.0.9)
    json (1.5.3)
    mime-types (1.16)
    rack (1.3.2)
    sinatra (1.2.6)
      rack (~> 1.1)
      tilt (< 2.0, >= 1.2.2)
    sinatra-authorization (1.0.0)
      sinatra (>= 0.9.1.1)
    sinatra-flash (0.3.0)
      sinatra (>= 1.0.0)
    sinatra-respond_to (0.7.0)
      sinatra (~> 1.2)
    tilt (1.3.2)
    trinidad (1.2.3)
      jruby-rack (>= 1.0.9)
      trinidad_jars (>= 1.0.1)
    trinidad_jars (1.0.1)
    trinidad_sandbox_extension (1.0.2)
      gitable
      grit
      haml
      json
      sinatra
      sinatra-authorization
      sinatra-flash
      sinatra-respond_to
      trinidad (>= 1.0.1)

PLATFORMS
  ruby

DEPENDENCIES
  trinidad
  trinidad_sandbox_extension
